GEM
  specs:
    docile (1.3.2)
    json (2.1.0)
    rake (13.0.1)
    simplecov (0.17.1)
      docile (~> 1.1)
      json (>= 1.8, < 3)
      simplecov-html (~> 0.10.0)
    simplecov-html (0.10.2)

PLATFORMS
  ruby

DEPENDENCIES
  rake
  simplecov

BUNDLED WITH
   1.17.2
